PATH
  remote: ../boltz_record
  specs:
    boltz_record (0.0.0)
      sqlite3 (~> 1.3)

GEM
  remote: https://rubygems.org/
  specs:
    sqlite3 (1.3.13)

PLATFORMS
  ruby

DEPENDENCIES
  boltz_record!

BUNDLED WITH
   1.13.7
